GIT
  remote: https://eecde58368a7e9b25befe79b8fc86b29d3e94b0e:x-oauth-basic@github.com/MondayHealth/core.git
  revision: 9aae8b0673071b887e4035f9f7718bfec5abb2d7
  specs:
    core (0.0.2)
      otr-activerecord (= 1.2.4)
      pg (= 0.21.0)

GEM
  remote: https://rubygems.org/
  specs:
    activemodel (5.1.4)
      activesupport (= 5.1.4)
    activerecord (5.1.4)
      activemodel (= 5.1.4)
      activesupport (= 5.1.4)
      arel (~> 8.0)
    activesupport (5.1.4)
      concurrent-ruby (~> 1.0, >= 1.0.2)
      i18n (~> 0.7)
      minitest (~> 5.1)
      tzinfo (~> 1.1)
    arel (8.0.0)
    childprocess (0.7.1)
      ffi (~> 1.0, >= 1.0.11)
    concurrent-ruby (1.0.5)
    ffi (1.9.18)
    foreman (0.84.0)
      thor (~> 0.19.1)
    hashie (3.5.6)
    hashie-forbidden_attributes (0.1.1)
      hashie (>= 3.0)
    headless (2.3.1)
    i18n (0.8.6)
    mime-types (1.25.1)
    minitest (5.10.3)
    mono_logger (1.1.0)
    multi_json (1.12.1)
    mustermann (1.0.0)
    otr-activerecord (1.2.4)
      activerecord (>= 4.0, < 5.2)
      hashie-forbidden_attributes (~> 0.1)
    pg (0.21.0)
    rack (2.0.3)
    rack-protection (2.0.0)
      rack
    rake (12.0.0)
    rdoc (5.0.0)
    redis (3.3.3)
    redis-namespace (1.5.3)
      redis (~> 3.0, >= 3.0.4)
    resque (1.27.4)
      mono_logger (~> 1.0)
      multi_json (~> 1.0)
      redis-namespace (~> 1.3)
      sinatra (>= 0.9.2)
      vegas (~> 0.1.2)
    rest-client (1.6.8)
      mime-types (~> 1.16)
      rdoc (>= 2.4.2)
    rubyzip (1.2.1)
    selenium-webdriver (3.5.1)
      childprocess (~> 0.5)
      rubyzip (~> 1.0)
    sinatra (2.0.0)
      mustermann (~> 1.0)
      rack (~> 2.0)
      rack-protection (= 2.0.0)
      tilt (~> 2.0)
    ssdb (0.1.0)
    thor (0.19.4)
    thread_safe (0.3.6)
    tilt (2.0.8)
    tzinfo (1.2.3)
      thread_safe (~> 0.1)
    vegas (0.1.11)
      rack (>= 1.0.0)

PLATFORMS
  ruby

DEPENDENCIES
  core!
  foreman
  headless
  otr-activerecord
  pg
  rake
  resque
  rest-client
  selenium-webdriver
  ssdb

BUNDLED WITH
   1.14.6
