GEM
  remote: https://rubygems.org/
  specs:
    childprocess (0.7.1)
      ffi (~> 1.0, >= 1.0.11)
    ffi (1.9.18)
    foreman (0.84.0)
      thor (~> 0.19.1)
    headless (2.3.1)
    hiredis (0.6.1)
    moneta (1.0.0)
    redis (3.3.3)
    redis-queue (0.0.4)
      hiredis (~> 0.5, >= 0.5.2)
      redis (~> 3.0, >= 3.0.4)
    rubyzip (1.2.1)
    selenium-webdriver (3.5.1)
      childprocess (~> 0.5)
      rubyzip (~> 1.0)
    ssdb (0.1.0)
    thor (0.19.4)

PLATFORMS
  ruby

DEPENDENCIES
  foreman
  headless
  moneta
  redis-queue
  selenium-webdriver
  ssdb

BUNDLED WITH
   1.14.6
