GEM
  remote: https://rubygems.org/
  specs:
    childprocess (0.7.1)
      ffi (~> 1.0, >= 1.0.11)
    ffi (1.9.18)
    headless (2.3.1)
    moneta (1.0.0)
    redis (3.3.3)
    rubyzip (1.2.1)
    selenium-webdriver (3.5.1)
      childprocess (~> 0.5)
      rubyzip (~> 1.0)

PLATFORMS
  ruby

DEPENDENCIES
  headless
  moneta
  redis
  selenium-webdriver

BUNDLED WITH
   1.14.6
